GIT
  remote: https://github.com/infertux/bashcov
  revision: 4ecdf0cfb8b58453d7604d1441f6a271647a4068
  ref: 4ecdf0cfb8b58453d7604d1441f6a271647a4068
  specs:
    bashcov (2.0.0)
      simplecov (~> 0.18.5)

GEM
  remote: https://rubygems.org/
  specs:
    docile (1.3.2)
    json (2.3.1)
    simplecov (0.18.5)
      docile (~> 1.1)
      simplecov-html (~> 0.11)
    simplecov-html (0.12.2)
    simplecov-json (0.2.1)
      json
      simplecov

PLATFORMS
  ruby

DEPENDENCIES
  bashcov!
  simplecov-json

BUNDLED WITH
   2.1.4
